GEM
  remote: https://rubygems.org/
  specs:
    haml (4.0.3)
      tilt
    htmlentities (4.3.1)
    rack (1.5.2)
    rack-protection (1.5.0)
      rack
    rdiscount (2.1.6)
    sinatra (1.4.3)
      rack (~> 1.4)
      rack-protection (~> 1.4)
      tilt (~> 1.3, >= 1.3.4)
    tilt (1.4.1)

PLATFORMS
  ruby

DEPENDENCIES
  haml
  htmlentities
  rdiscount
  sinatra
